GIT
  remote: git://github.com/tmm1/stackprof.git
  revision: 4b3396302a3d839eb3633e99b4a5e01afb59ad54
  branch: master
  specs:
    stackprof (0.2.11)

GEM
  remote: https://rubygems.org/
  specs:
    backports (3.9.1)
    multi_json (1.12.2)
    mustermann (1.0.1)
    mysql2 (0.4.9)
    puma (3.10.0)
    rack (2.0.3)
    rack-protection (2.0.0)
      rack
    sinatra (2.0.0)
      mustermann (~> 1.0)
      rack (~> 2.0)
      rack-protection (= 2.0.0)
      tilt (~> 2.0)
    sinatra-contrib (2.0.0)
      backports (>= 2.0)
      multi_json
      mustermann (~> 1.0)
      rack-protection (= 2.0.0)
      sinatra (= 2.0.0)
      tilt (>= 1.3, < 3)
    tilt (2.0.8)

PLATFORMS
  ruby

DEPENDENCIES
  mysql2
  puma
  sinatra
  sinatra-contrib
  stackprof!

BUNDLED WITH
   1.16.1
